GEM
  remote: https://rubygems.org/
  specs:
    ast (2.4.0)
    chatwork (0.8.0)
      faraday (~> 0.9)
      faraday_middleware
      hashie
    faraday (0.14.0)
      multipart-post (>= 1.2, < 3)
    faraday_middleware (0.12.2)
      faraday (>= 0.7.4, < 1.0)
    hashie (3.5.7)
    multipart-post (2.0.0)
    onkcop (0.52.1.1)
      rubocop (~> 0.52.1)
      rubocop-rspec (>= 1.22.0)
    parallel (1.12.1)
    parser (2.5.0.4)
      ast (~> 2.4.0)
    powerpack (0.1.1)
    rainbow (3.0.0)
    rubocop (0.52.1)
      parallel (~> 1.10)
      parser (>= 2.4.0.2, < 3.0)
      powerpack (~> 0.1)
      rainbow (>= 2.2.2, < 4.0)
      ruby-progressbar (~> 1.7)
      unicode-display_width (~> 1.0, >= 1.0.1)
    rubocop-codetakt (0.8.1)
      onkcop (= 0.52.1.1)
    rubocop-rspec (1.23.0)
      rubocop (>= 0.52.1)
    ruby-progressbar (1.9.0)
    slack-post (0.3.7)
      yajl-ruby
    unicode-display_width (1.3.0)
    yajl-ruby (1.3.1)

PLATFORMS
  ruby

DEPENDENCIES
  chatwork
  hashie
  rubocop-codetakt
  slack-post

BUNDLED WITH
   1.16.1
